STORAGE: NONE
RESTRICTION: == net6.0
NUGET
  remote: https://api.nuget.org/v3/index.json
    Bolero (0.20.12)
      Elmish (>= 3.1 < 4.0)
      FSharp.Core (>= 6.0)
      FSharp.SystemTextJson (>= 0.17.4)
      Microsoft.AspNetCore.Components.WebAssembly (>= 6.0)
      Microsoft.Extensions.Http (>= 6.0)
    Bolero.Build (0.20.12)
    Elmish (3.1)
      FSharp.Core (>= 4.6.2)
    FSharp.Core (6.0.3)
    FSharp.SystemTextJson (0.17.4)
      FSharp.Core (>= 4.7)
      System.Text.Json (>= 4.6)
    Microsoft.AspNetCore.Authorization (6.0.4)
      Microsoft.AspNetCore.Metadata (>= 6.0.4)
      Microsoft.Extensions.Logging.Abstractions (>= 6.0.1)
      Microsoft.Extensions.Options (>= 6.0)
    Microsoft.AspNetCore.Components (6.0.4)
      Microsoft.AspNetCore.Authorization (>= 6.0.4)
      Microsoft.AspNetCore.Components.Analyzers (>= 6.0.4)
    Microsoft.AspNetCore.Components.Analyzers (6.0.4)
    Microsoft.AspNetCore.Components.Forms (6.0.4)
      Microsoft.AspNetCore.Components (>= 6.0.4)
    Microsoft.AspNetCore.Components.Web (6.0.4)
      Microsoft.AspNetCore.Components (>= 6.0.4)
      Microsoft.AspNetCore.Components.Forms (>= 6.0.4)
      Microsoft.Extensions.DependencyInjection (>= 6.0)
      Microsoft.JSInterop (>= 6.0.4)
      System.IO.Pipelines (>= 6.0.2)
    Microsoft.AspNetCore.Components.WebAssembly (6.0.4)
      Microsoft.AspNetCore.Components.Web (>= 6.0.4)
      Microsoft.Extensions.Configuration.Binder (>= 6.0)
      Microsoft.Extensions.Configuration.Json (>= 6.0)
      Microsoft.Extensions.Logging (>= 6.0)
      Microsoft.JSInterop.WebAssembly (>= 6.0.4)
    Microsoft.AspNetCore.Components.WebAssembly.DevServer (6.0.4)
    Microsoft.AspNetCore.Metadata (6.0.4)
    Microsoft.Extensions.Configuration (6.0.1)
      Microsoft.Extensions.Configuration.Abstractions (>= 6.0)
      Microsoft.Extensions.Primitives (>= 6.0)
    Microsoft.Extensions.Configuration.Abstractions (6.0)
      Microsoft.Extensions.Primitives (>= 6.0)
    Microsoft.Extensions.Configuration.Binder (6.0)
      Microsoft.Extensions.Configuration.Abstractions (>= 6.0)
    Microsoft.Extensions.Configuration.FileExtensions (6.0)
      Microsoft.Extensions.Configuration (>= 6.0)
      Microsoft.Extensions.Configuration.Abstractions (>= 6.0)
      Microsoft.Extensions.FileProviders.Abstractions (>= 6.0)
      Microsoft.Extensions.FileProviders.Physical (>= 6.0)
      Microsoft.Extensions.Primitives (>= 6.0)
    Microsoft.Extensions.Configuration.Json (6.0)
      Microsoft.Extensions.Configuration (>= 6.0)
      Microsoft.Extensions.Configuration.Abstractions (>= 6.0)
      Microsoft.Extensions.Configuration.FileExtensions (>= 6.0)
      Microsoft.Extensions.FileProviders.Abstractions (>= 6.0)
      System.Text.Json (>= 6.0)
    Microsoft.Extensions.DependencyInjection (6.0)
      Microsoft.Extensions.DependencyInjection.Abstractions (>= 6.0)
      System.Runtime.CompilerServices.Unsafe (>= 6.0)
    Microsoft.Extensions.DependencyInjection.Abstractions (6.0)
    Microsoft.Extensions.FileProviders.Abstractions (6.0)
      Microsoft.Extensions.Primitives (>= 6.0)
    Microsoft.Extensions.FileProviders.Physical (6.0)
      Microsoft.Extensions.FileProviders.Abstractions (>= 6.0)
      Microsoft.Extensions.FileSystemGlobbing (>= 6.0)
      Microsoft.Extensions.Primitives (>= 6.0)
    Microsoft.Extensions.FileSystemGlobbing (6.0)
    Microsoft.Extensions.Http (6.0)
      Microsoft.Extensions.DependencyInjection.Abstractions (>= 6.0)
      Microsoft.Extensions.Logging (>= 6.0)
      Microsoft.Extensions.Logging.Abstractions (>= 6.0)
      Microsoft.Extensions.Options (>= 6.0)
    Microsoft.Extensions.Logging (6.0)
      Microsoft.Extensions.DependencyInjection (>= 6.0)
      Microsoft.Extensions.DependencyInjection.Abstractions (>= 6.0)
      Microsoft.Extensions.Logging.Abstractions (>= 6.0)
      Microsoft.Extensions.Options (>= 6.0)
      System.Diagnostics.DiagnosticSource (>= 6.0)
    Microsoft.Extensions.Logging.Abstractions (6.0.1)
    Microsoft.Extensions.Options (6.0)
      Microsoft.Extensions.DependencyInjection.Abstractions (>= 6.0)
      Microsoft.Extensions.Primitives (>= 6.0)
    Microsoft.Extensions.Primitives (6.0)
      System.Runtime.CompilerServices.Unsafe (>= 6.0)
    Microsoft.JSInterop (6.0.4)
    Microsoft.JSInterop.WebAssembly (6.0.4)
      Microsoft.JSInterop (>= 6.0.4)
    System.Diagnostics.DiagnosticSource (6.0)
      System.Runtime.CompilerServices.Unsafe (>= 6.0)
    System.IO.Pipelines (6.0.2)
    System.Runtime.CompilerServices.Unsafe (6.0)
    System.Text.Encodings.Web (6.0)
      System.Runtime.CompilerServices.Unsafe (>= 6.0)
    System.Text.Json (6.0.3)
      System.Runtime.CompilerServices.Unsafe (>= 6.0)
      System.Text.Encodings.Web (>= 6.0)
