STORAGE: NONE
RESTRICTION: == net50
NUGET
  remote: https://api.nuget.org/v3/index.json
    Bolero (0.17.25)
      Elmish (>= 3.1 < 4.0)
      FSharp.Core (>= 5.0)
      FSharp.SystemTextJson (>= 0.15.14)
      Microsoft.AspNetCore.Components.WebAssembly (>= 5.0 < 6.0)
      Microsoft.Extensions.Http (>= 5.0 < 6.0)
    Bolero.Build (0.17.25)
    Elmish (3.1)
      FSharp.Core (>= 4.6.2)
    FSharp.Core (5.0.1)
    FSharp.SystemTextJson (0.16.6)
      FSharp.Core (>= 4.7)
      System.Text.Json (>= 4.6)
    Microsoft.AspNetCore.Authorization (5.0.5)
      Microsoft.AspNetCore.Metadata (>= 5.0.5)
      Microsoft.Extensions.Logging.Abstractions (>= 5.0)
      Microsoft.Extensions.Options (>= 5.0)
    Microsoft.AspNetCore.Components (5.0.5)
      Microsoft.AspNetCore.Authorization (>= 5.0.5)
      Microsoft.AspNetCore.Components.Analyzers (>= 5.0.5)
    Microsoft.AspNetCore.Components.Analyzers (5.0.5)
    Microsoft.AspNetCore.Components.Forms (5.0.5)
      Microsoft.AspNetCore.Components (>= 5.0.5)
    Microsoft.AspNetCore.Components.Web (5.0.5)
      Microsoft.AspNetCore.Components (>= 5.0.5)
      Microsoft.AspNetCore.Components.Forms (>= 5.0.5)
      Microsoft.Extensions.DependencyInjection (>= 5.0.1)
      Microsoft.JSInterop (>= 5.0.5)
      System.IO.Pipelines (>= 5.0.1)
    Microsoft.AspNetCore.Components.WebAssembly (5.0.5)
      Microsoft.AspNetCore.Components.Web (>= 5.0.5)
      Microsoft.Extensions.Configuration.Binder (>= 5.0)
      Microsoft.Extensions.Configuration.Json (>= 5.0)
      Microsoft.Extensions.Logging (>= 5.0)
      Microsoft.JSInterop.WebAssembly (>= 5.0.5)
    Microsoft.AspNetCore.Components.WebAssembly.DevServer (5.0.5)
    Microsoft.AspNetCore.Metadata (5.0.5)
    Microsoft.Extensions.Configuration (5.0)
      Microsoft.Extensions.Configuration.Abstractions (>= 5.0)
      Microsoft.Extensions.Primitives (>= 5.0)
    Microsoft.Extensions.Configuration.Abstractions (5.0)
      Microsoft.Extensions.Primitives (>= 5.0)
    Microsoft.Extensions.Configuration.Binder (5.0)
      Microsoft.Extensions.Configuration.Abstractions (>= 5.0)
    Microsoft.Extensions.Configuration.FileExtensions (5.0)
      Microsoft.Extensions.Configuration (>= 5.0)
      Microsoft.Extensions.Configuration.Abstractions (>= 5.0)
      Microsoft.Extensions.FileProviders.Abstractions (>= 5.0)
      Microsoft.Extensions.FileProviders.Physical (>= 5.0)
      Microsoft.Extensions.Primitives (>= 5.0)
    Microsoft.Extensions.Configuration.Json (5.0)
      Microsoft.Extensions.Configuration (>= 5.0)
      Microsoft.Extensions.Configuration.Abstractions (>= 5.0)
      Microsoft.Extensions.Configuration.FileExtensions (>= 5.0)
      Microsoft.Extensions.FileProviders.Abstractions (>= 5.0)
    Microsoft.Extensions.DependencyInjection (5.0.1)
      Microsoft.Extensions.DependencyInjection.Abstractions (>= 5.0)
    Microsoft.Extensions.DependencyInjection.Abstractions (5.0)
    Microsoft.Extensions.FileProviders.Abstractions (5.0)
      Microsoft.Extensions.Primitives (>= 5.0)
    Microsoft.Extensions.FileProviders.Physical (5.0)
      Microsoft.Extensions.FileProviders.Abstractions (>= 5.0)
      Microsoft.Extensions.FileSystemGlobbing (>= 5.0)
      Microsoft.Extensions.Primitives (>= 5.0)
    Microsoft.Extensions.FileSystemGlobbing (5.0)
    Microsoft.Extensions.Http (5.0)
      Microsoft.Extensions.DependencyInjection.Abstractions (>= 5.0)
      Microsoft.Extensions.Logging (>= 5.0)
      Microsoft.Extensions.Logging.Abstractions (>= 5.0)
      Microsoft.Extensions.Options (>= 5.0)
    Microsoft.Extensions.Logging (5.0)
      Microsoft.Extensions.DependencyInjection (>= 5.0)
      Microsoft.Extensions.DependencyInjection.Abstractions (>= 5.0)
      Microsoft.Extensions.Logging.Abstractions (>= 5.0)
      Microsoft.Extensions.Options (>= 5.0)
    Microsoft.Extensions.Logging.Abstractions (5.0)
    Microsoft.Extensions.Options (5.0)
      Microsoft.Extensions.DependencyInjection.Abstractions (>= 5.0)
      Microsoft.Extensions.Primitives (>= 5.0)
    Microsoft.Extensions.Primitives (5.0.1)
    Microsoft.JSInterop (5.0.5)
    Microsoft.JSInterop.WebAssembly (5.0.5)
      Microsoft.JSInterop (>= 5.0.5)
    System.IO.Pipelines (5.0.1)
    System.Text.Json (5.0.2)
